PATH
  remote: .
  specs:
    treadstone (0.0.1)
      rack
      rack-combobot
      rake
      sinatra

GEM
  remote: http://rubygems.org/
  specs:
    ffi (1.0.11)
    guard (0.10.0)
      ffi (>= 0.5.0)
      thor (~> 0.14.6)
    guard-minitest (0.4.0)
      guard (~> 0.4)
    minitest (2.10.0)
    rack (1.4.0)
    rack-combobot (0.0.1)
      rack
      rake
    rack-protection (1.1.4)
      rack
    rack-test (0.6.1)
      rack (>= 1.0)
    rake (0.9.2.2)
    sinatra (1.3.0)
      rack (~> 1.3)
      rack-protection (~> 1.1)
      tilt (~> 1.3)
    thor (0.14.6)
    tilt (1.3.3)

PLATFORMS
  ruby

DEPENDENCIES
  guard
  guard-minitest
  minitest
  rack-test
  treadstone!
