PATH
  remote: .
  specs:
    treadstone (0.0.1)
      rack
      rack-combobot
      rake
      sinatra

GEM
  remote: http://rubygems.org/
  specs:
    ffi (1.0.11)
    guard (0.10.0)
      ffi (>= 0.5.0)
      thor (~> 0.14.6)
    guard-minitest (0.4.0)
      guard (~> 0.4)
    minitest (2.10.0)
    mustermann (1.1.1)
      ruby2_keywords (~> 0.0.1)
    rack (2.2.3)
    rack-combobot (0.0.1)
      rack
      rake
    rack-protection (2.0.8.1)
      rack
    rack-test (0.6.1)
      rack (>= 1.0)
    rake (0.9.2.2)
    ruby2_keywords (0.0.2)
    sinatra (2.0.8.1)
      mustermann (~> 1.0)
      rack (~> 2.0)
      rack-protection (= 2.0.8.1)
      tilt (~> 2.0)
    thor (0.14.6)
    tilt (2.0.10)

PLATFORMS
  ruby

DEPENDENCIES
  guard
  guard-minitest
  minitest
  rack-test
  treadstone!
