GEM
  remote: http://rubygems.org/
  specs:
    rack (1.4.0)
    rack-combobot (0.0.1)
      rack
      rake
    rack-protection (1.1.4)
      rack
    rake (0.9.2.2)
    sinatra (1.3.0)
      rack (~> 1.3)
      rack-protection (~> 1.1)
      tilt (~> 1.3)
    tilt (1.3.3)

PLATFORMS
  ruby

DEPENDENCIES
  rack
  rack-combobot
  rake
  sinatra
